GEM
  remote: http://rubygems.org/
  specs:
    activemodel (3.2.13)
      activesupport (= 3.2.13)
      builder (~> 3.0.0)
    activerecord (3.2.13)
      activemodel (= 3.2.13)
      activesupport (= 3.2.13)
      arel (~> 3.0.2)
      tzinfo (~> 0.3.29)
    activesupport (3.2.13)
      i18n (= 0.6.1)
      multi_json (~> 1.0)
    arel (3.0.2)
    blankslate (2.1.2.4)
    builder (3.0.4)
    coderay (1.0.9)
    edn (1.0.0)
      parslet (~> 1.4.0)
    em-zeromq (0.4.1)
      eventmachine (>= 1.0.0)
      ffi (>= 1.0.0)
      ffi-rzmq (= 0.9.7)
    eventmachine (1.0.3)
    ffi (1.5.0)
    ffi-rzmq (0.9.7)
      ffi
    i18n (0.6.1)
    method_source (0.8.1)
    multi_json (1.7.1)
    parslet (1.4.0)
      blankslate (~> 2.0)
    pg (0.14.1)
    pry (0.9.12)
      coderay (~> 1.0.5)
      method_source (~> 0.8)
      slop (~> 3.4)
    slop (3.4.4)
    tzinfo (0.3.37)

PLATFORMS
  ruby

DEPENDENCIES
  activerecord
  edn
  em-zeromq
  pg
  pry
